GEM
  specs:
    minitest (5.10.1)

PLATFORMS
  ruby

DEPENDENCIES
  minitest (~> 5.10)

BUNDLED WITH
   1.14.6
